GEM
  remote: https://rubygems.org/
  specs:
    Ascii85 (1.0.3)
    CFPropertyList (3.0.1)
    activemodel (6.0.0)
      activesupport (= 6.0.0)
    activesupport (6.0.0)
      concurrent-ruby (~> 1.0, >= 1.0.2)
      i18n (>= 0.7, < 2)
      minitest (~> 5.1)
      tzinfo (~> 1.1)
      zeitwerk (~> 2.1, >= 2.1.8)
    addressable (2.7.0)
      public_suffix (>= 2.0.2, < 5.0)
    afm (0.2.2)
    annotate_gem (0.0.14)
      bundler (>= 1.1)
    any_good (0.0.5)
      gems
      octokit
      pastel
      time_math2
    app-info (1.1.2)
      CFPropertyList (>= 2.3.4, < 3.1.0)
      image_size (~> 1.5.0)
      pngdefry (~> 0.1.2)
      ruby_android (~> 0.7.7)
    appium_console (2.12.0)
      appium_lib (~> 10.0)
      bond (~> 0.5)
      pry (~> 0.12.0)
      spec (~> 5.3, >= 5.3.1)
      thor (~> 0.19)
    appium_lib (10.4.1)
      appium_lib_core (~> 3.2)
      nokogiri (~> 1.8, >= 1.8.1)
      tomlrb (~> 1.1)
    appium_lib_core (3.2.3)
      faye-websocket (~> 0.10.0)
      selenium-webdriver (~> 3.14, >= 3.14.1)
    ast (2.4.0)
    awesome_print (1.8.0)
    axiom-types (0.1.1)
      descendants_tracker (~> 0.0.4)
      ice_nine (~> 0.11.0)
      thread_safe (~> 0.3, >= 0.3.1)
    backport (1.1.2)
    backports (3.15.0)
    bcrypt (3.1.13)
    bond (0.5.1)
    browser (2.6.1)
    bson (4.5.0)
    builder (3.2.3)
    bundler-leak (0.1.1)
      bundler (>= 1.2.0, < 3)
      thor (~> 0.18)
    byebug (11.0.1)
    capybara (3.29.0)
      addressable
      mini_mime (>= 0.1.3)
      nokogiri (~> 1.8)
      rack (>= 1.6.0)
      rack-test (>= 0.6.3)
      regexp_parser (~> 1.5)
      xpath (~> 3.2)
    capybara-screenshot (1.0.23)
      capybara (>= 1.0, < 4)
      launchy
    cassandra-driver (3.2.3)
      ione (~> 1.2)
    childprocess (1.0.1)
      rake (< 13.0)
    chronic_duration (0.10.6)
      numerizer (~> 0.1.1)
    chunky_png (1.3.11)
    codeclimate-engine-rb (0.4.1)
      virtus (~> 1.0)
    coderay (1.1.2)
    coercible (1.0.0)
      descendants_tracker (~> 0.0.1)
    combine_pdf (1.0.16)
      ruby-rc4 (>= 0.1.5)
    concurrent-ruby (1.1.5)
    countries (3.0.0)
      i18n_data (~> 0.8.0)
      sixarm_ruby_unaccent (~> 1.1)
      unicode_utils (~> 1.4)
    cpf_cnpj (0.5.0)
    crack (0.4.3)
      safe_yaml (~> 1.0.0)
    credit_card_validations (3.5.0)
      activemodel (>= 3, <= 6)
      activesupport (>= 3, <= 6)
    csv (3.1.1)
    cucumber (3.1.2)
      builder (>= 2.1.2)
      cucumber-core (~> 3.2.0)
      cucumber-expressions (~> 6.0.1)
      cucumber-wire (~> 0.0.1)
      diff-lcs (~> 1.3)
      gherkin (~> 5.1.0)
      multi_json (>= 1.7.5, < 2.0)
      multi_test (>= 0.1.2)
    cucumber-core (3.2.1)
      backports (>= 3.8.0)
      cucumber-tag_expressions (~> 1.1.0)
      gherkin (~> 5.0)
    cucumber-expressions (6.0.1)
    cucumber-tag_expressions (1.1.1)
    cucumber-wire (0.0.1)
    data_magic (1.2)
      faker (>= 1.1.2)
      yml_reader (>= 0.6)
    declarative (0.0.10)
    declarative-option (0.1.0)
    descendants_tracker (0.0.4)
      thread_safe (~> 0.3, >= 0.3.1)
    diff-lcs (1.3)
    docile (1.3.2)
    domain_name (0.5.20190701)
      unf (>= 0.0.5, < 1.0.0)
    dotenv (2.7.5)
    email_address (0.1.11)
      netaddr (~> 2.0)
      simpleidn
    envied (0.9.3)
      thor (~> 0.15)
    equalizer (0.0.11)
    equatable (0.6.1)
    erubis (2.7.0)
    et-orbi (1.2.2)
      tzinfo
    eu_central_bank (1.4.2)
      money (~> 6.13)
      nokogiri (~> 1.8)
    eventmachine (1.2.7)
    eventmachine (1.2.7-x64-mingw32)
    exifr (1.3.6)
    factory_bot (5.1.1)
      activesupport (>= 4.2.0)
    faker (1.9.6)
      i18n (>= 0.7)
    faraday (0.15.4)
      multipart-post (>= 1.2, < 3)
    fastimage (2.1.7)
    faye-websocket (0.10.9)
      eventmachine (>= 0.12.0)
      websocket-driver (>= 0.5.1)
    ffi (1.11.1)
    ffi (1.11.1-x64-mingw32)
    flay (2.12.0)
      erubis (~> 2.7.0)
      path_expander (~> 1.0)
      ruby_parser (~> 3.0)
      sexp_processor (~> 4.0)
    flexirest (1.8.6)
      activesupport
      crack
      faraday
      mime-types
      multi_json
    flog (4.6.3)
      path_expander (~> 1.0)
      ruby_parser (~> 3.1, > 3.1.0)
      sexp_processor (~> 4.8)
    fugit (1.3.3)
      et-orbi (~> 1.1, >= 1.1.8)
      raabro (~> 1.1)
    fuubar (2.5.0)
      rspec-core (~> 3.0)
      ruby-progressbar (~> 1.4)
    gemdiff (3.0.0)
      launchy (~> 2.4)
      octokit (~> 4.0)
      thor (~> 0.19)
    gems (1.2.0)
    gherkin (5.1.0)
    gitlab (4.12.0)
      httparty (~> 0.14, >= 0.14.0)
      terminal-table (~> 1.5, >= 1.5.1)
    google-api-client (0.30.10)
      addressable (~> 2.5, >= 2.5.1)
      googleauth (>= 0.5, < 0.10.0)
      httpclient (>= 2.8.1, < 3.0)
      mini_mime (~> 1.0)
      representable (~> 3.0)
      retriable (>= 2.0, < 4.0)
      signet (~> 0.10)
    google_drive (3.0.3)
      google-api-client (>= 0.11.0, < 0.31.0)
      googleauth (>= 0.5.0, < 1.0.0)
      nokogiri (>= 1.5.3, < 2.0.0)
    googleauth (0.9.0)
      faraday (~> 0.12)
      jwt (>= 1.4, < 3.0)
      memoist (~> 0.16)
      multi_json (~> 1.11)
      os (>= 0.9, < 2.0)
      signet (~> 0.7)
    hashery (2.1.2)
    highline (2.0.2)
    htmlentities (4.3.4)
    http-accept (1.7.0)
    http-cookie (1.0.3)
      domain_name (~> 0.5)
    httparty (0.17.1)
      mime-types (~> 3.0)
      multi_xml (>= 0.5.2)
    httpclient (2.8.3)
    i18n (1.6.0)
      concurrent-ruby (~> 1.0)
    i18n_data (0.8.0)
    ice_nine (0.11.2)
    image_size (1.5.0)
    ione (1.2.4)
    jaro_winkler (1.5.3)
    json (2.2.0)
    jwt (2.2.1)
    kramdown (1.17.0)
    kwalify (0.7.2)
    launchy (2.4.3)
      addressable (~> 2.3)
    licensee (9.12.0)
      dotenv (~> 2.0)
      octokit (~> 4.8)
      reverse_markdown (~> 1.0)
      rugged (~> 0.24)
      thor (~> 0.19)
    listen (3.2.0)
      rb-fsevent (~> 0.10, >= 0.10.3)
      rb-inotify (~> 0.9, >= 0.9.10)
    mail (2.7.1)
      mini_mime (>= 0.1.1)
    memoist (0.16.0)
    method_source (0.9.2)
    mime-types (3.3)
      mime-types-data (~> 3.2015)
    mime-types-data (3.2019.0904)
    mini_mime (1.0.2)
    mini_portile2 (2.4.0)
    minitest (5.12.0)
    money (6.13.4)
      i18n (>= 0.6.4, <= 2)
    mongo (2.10.2)
      bson (>= 4.4.2, < 5.0.0)
    mqtt (0.5.0)
    multi_json (1.13.1)
    multi_test (0.1.2)
    multi_xml (0.6.0)
    multipart-post (2.1.1)
    mysql2 (0.5.2)
    mysql2 (0.5.2-x64-mingw32)
    necromancer (0.5.0)
    net-scp (2.0.0)
      net-ssh (>= 2.6.5, < 6.0.0)
    net-sftp (2.1.2)
      net-ssh (>= 2.6.5)
    net-ssh (5.2.0)
    net-ssh-gateway (2.0.0)
      net-ssh (>= 4.0.0)
    netaddr (2.0.4)
    netrc (0.11.0)
    nokogiri (1.10.4)
      mini_portile2 (~> 2.4.0)
    nokogiri (1.10.4-x64-mingw32)
      mini_portile2 (~> 2.4.0)
    numerizer (0.1.1)
    octokit (4.14.0)
      sawyer (~> 0.8.0, >= 0.5.3)
    optimist (3.0.0)
    os (1.0.1)
    page-object (2.2.6)
      page_navigation (>= 0.10)
      selenium-webdriver (~> 3.0)
      watir (~> 6.8)
    page_navigation (0.10)
      data_magic (>= 0.22)
    parallel (1.17.0)
    parallel_tests (2.29.2)
      parallel
    parser (2.6.4.1)
      ast (~> 2.4.0)
    pastel (0.7.3)
      equatable (~> 0.6)
      tty-color (~> 0.5)
    path_expander (1.1.0)
    pdf-core (0.7.0)
    pdf-reader (2.2.1)
      Ascii85 (~> 1.0.0)
      afm (~> 0.2.1)
      hashery (~> 2.0)
      ruby-rc4
      ttfunk
    pg (1.1.4)
    pg (1.1.4-x64-mingw32)
    phonelib (0.6.38)
    pngdefry (0.1.3)
    prawn (2.2.2)
      pdf-core (~> 0.7.0)
      ttfunk (~> 1.5)
    pry (0.12.2)
      coderay (~> 1.1.0)
      method_source (~> 0.9.0)
    pry-byebug (3.7.0)
      byebug (~> 11.0)
      pry (~> 0.10)
    psych (3.1.0)
    psych (3.1.0-x64-mingw32)
    public_suffix (4.0.1)
    raabro (1.1.6)
    rack (2.0.8)
    rack-test (1.1.0)
      rack (>= 1.0, < 3)
    rainbow (3.0.0)
    rake (12.3.3)
    rb-fsevent (0.10.3)
    rb-inotify (0.10.0)
      ffi (~> 1.0)
    rdoc (6.2.0)
    reek (5.4.0)
      codeclimate-engine-rb (~> 0.4.0)
      kwalify (~> 0.7.0)
      parser (>= 2.5.0.0, < 2.7, != 2.5.1.1)
      psych (~> 3.1.0)
      rainbow (>= 2.0, < 4.0)
    regexp_parser (1.6.0)
    report_builder (1.8)
      json (>= 1.8.1)
    representable (3.0.4)
      declarative (< 0.1.0)
      declarative-option (< 0.2.0)
      uber (< 0.2.0)
    rest-client (2.1.0)
      http-accept (>= 1.7.0, < 2.0)
      http-cookie (>= 1.0.2, < 2.0)
      mime-types (>= 1.16, < 4.0)
      netrc (~> 0.8)
    rest-client (2.1.0-x64-mingw32)
      ffi (~> 1.9)
      http-accept (>= 1.7.0, < 2.0)
      http-cookie (>= 1.0.2, < 2.0)
      mime-types (>= 1.16, < 4.0)
      netrc (~> 0.8)
    retriable (3.1.2)
    reverse_markdown (1.3.0)
      nokogiri
    roo (2.8.2)
      nokogiri (~> 1)
      rubyzip (>= 1.2.1, < 2.0.0)
    rqrcode (1.1.1)
      chunky_png (~> 1.0)
      rqrcode_core (~> 0.1.0)
    rqrcode_core (0.1.0)
    rspec (3.8.0)
      rspec-core (~> 3.8.0)
      rspec-expectations (~> 3.8.0)
      rspec-mocks (~> 3.8.0)
    rspec-core (3.8.2)
      rspec-support (~> 3.8.0)
    rspec-expectations (3.8.4)
      diff-lcs (>= 1.2.0, < 2.0)
      rspec-support (~> 3.8.0)
    rspec-mocks (3.8.1)
      diff-lcs (>= 1.2.0, < 2.0)
      rspec-support (~> 3.8.0)
    rspec-support (3.8.2)
    rszr (0.5.2)
    rubocop (0.71.0)
      jaro_winkler (~> 1.5.1)
      parallel (~> 1.10)
      parser (>= 2.6)
      rainbow (>= 2.2.2, < 4.0)
      ruby-progressbar (~> 1.7)
      unicode-display_width (>= 1.4.0, < 1.7)
    ruby-jmeter (3.1.08)
      nokogiri
      rest-client
    ruby-ole (1.2.12.2)
    ruby-progressbar (1.10.1)
    ruby-rc4 (0.1.5)
    ruby-units (2.3.1)
    ruby_android (0.7.7)
      rubyzip (>= 1.1.6)
    ruby_parser (3.13.1)
      sexp_processor (~> 4.9)
    rubycritic (4.1.0)
      flay (~> 2.8)
      flog (~> 4.4)
      launchy (= 2.4.3)
      parser (~> 2.6.0)
      rainbow (~> 3.0)
      reek (~> 5.0, < 6.0)
      ruby_parser (~> 3.8)
      tty-which (~> 0.4.0)
      virtus (~> 1.0)
    rubyzip (1.3.0)
    rufus-scheduler (3.6.0)
      fugit (~> 1.1, >= 1.1.6)
    rugged (0.28.3.1)
    safe_yaml (1.0.5)
    sawyer (0.8.2)
      addressable (>= 2.3.5)
      faraday (> 0.8, < 2.0)
    screen-recorder (1.3.0)
      childprocess (~> 1.0)
      os (~> 1.0.0)
      streamio-ffmpeg (~> 3.0)
    selenium-webdriver (3.142.4)
      childprocess (>= 0.5, < 3.0)
      rubyzip (~> 1.2, >= 1.2.2)
    sexp_processor (4.12.1)
    signet (0.11.0)
      addressable (~> 2.3)
      faraday (~> 0.9)
      jwt (>= 1.5, < 3.0)
      multi_json (~> 1.10)
    simplecov (0.16.1)
      docile (~> 1.1)
      json (>= 1.8, < 3)
      simplecov-html (~> 0.10.0)
    simplecov-html (0.10.2)
    simpleidn (0.1.1)
      unf (~> 0.1.4)
    site_prism (3.4)
      addressable (~> 2.5)
      capybara (~> 3.3)
      site_prism-all_there (~> 0.2.0)
    site_prism-all_there (0.2.1)
    sixarm_ruby_unaccent (1.2.0)
    slop (4.7.0)
    solargraph (0.35.2)
      backport (~> 1.1)
      bundler (>= 1.17.2)
      htmlentities (~> 4.3, >= 4.3.4)
      jaro_winkler (~> 1.5)
      kramdown (~> 1.16)
      parser (~> 2.3)
      reverse_markdown (~> 1.0, >= 1.0.5)
      rubocop (~> 0.52)
      thor (~> 0.19, >= 0.19.4)
      tilt (~> 2.0)
      yard (~> 0.9)
    spec (5.3.4)
      chronic_duration (~> 0.10.2)
    spreadsheet (1.2.4)
      ruby-ole (>= 1.0)
    squid (1.4.1)
      activesupport (>= 4.0)
      prawn (~> 2.2)
    sshkey (2.0.0)
    streamio-ffmpeg (3.0.2)
      multi_json (~> 1.8)
    strings (0.1.6)
      strings-ansi (~> 0.1)
      unicode-display_width (~> 1.5)
      unicode_utils (~> 1.4)
    strings-ansi (0.1.0)
    syntax (1.2.2)
    terminal-table (1.8.0)
      unicode-display_width (~> 1.1, >= 1.1.1)
    thor (0.20.3)
    thread_safe (0.3.6)
    tilt (2.0.10)
    time_math2 (0.1.1)
    timezone (1.3.6)
    tiny_tds (2.1.2)
    tiny_tds (2.1.2-x64-mingw32)
    tomlrb (1.2.8)
    ttfunk (1.5.1)
    tty-color (0.5.0)
    tty-cursor (0.7.0)
    tty-prompt (0.19.0)
      necromancer (~> 0.5.0)
      pastel (~> 0.7.0)
      tty-reader (~> 0.6.0)
    tty-reader (0.6.0)
      tty-cursor (~> 0.7)
      tty-screen (~> 0.7)
      wisper (~> 2.0.0)
    tty-screen (0.7.0)
    tty-which (0.4.1)
    tzinfo (1.2.5)
      thread_safe (~> 0.1)
    uber (0.1.0)
    unf (0.1.4)
      unf_ext
    unf_ext (0.0.7.6)
    unicode-display_width (1.6.0)
    unicode_utils (1.4.0)
    virtus (1.0.5)
      axiom-types (~> 0.1)
      coercible (~> 1.0)
      descendants_tracker (~> 0.0, >= 0.0.3)
      equalizer (~> 0.0, >= 0.0.9)
    watir (6.16.5)
      regexp_parser (~> 1.2)
      selenium-webdriver (~> 3.6)
    websocket-driver (0.7.1)
      websocket-extensions (>= 0.1.0)
    websocket-extensions (0.1.4)
    wisper (2.0.0)
    xpath (3.2.0)
      nokogiri (~> 1.8)
    yard (0.9.20)
    yard-cucumber (4.0.0)
      cucumber (>= 2.0, < 4.0)
      gherkin (>= 4.0, < 6.0)
      yard (~> 0.8, >= 0.8.1)
    yml_reader (0.7)
    zeitwerk (2.1.10)

PLATFORMS
  ruby
  x64-mingw32

DEPENDENCIES
  activesupport (>= 4.1.11)
  addressable (~> 2.6)
  annotate_gem (~> 0.0.14)
  any_good (~> 0.0.5)
  app-info (~> 1.1, >= 1.1.2)
  appium_console
  appium_lib
  awesome_print (~> 1.8)
  bcrypt (~> 3.1, >= 3.1.13)
  browser (~> 2.6, >= 2.6.1)
  builder (~> 3.2, >= 3.2.3)
  bundler-leak (~> 0.1.0)
  capybara (~> 3.23)
  capybara-screenshot (~> 1.0, >= 1.0.23)
  cassandra-driver (~> 3.2, >= 3.2.3)
  combine_pdf (~> 1.0, >= 1.0.16)
  countries (~> 3.0)
  cpf_cnpj (~> 0.5.0)
  credit_card_validations (~> 3.5)
  csv (~> 3.1, >= 3.1.1)
  cucumber (~> 3.1, >= 3.1.2)
  dotenv (~> 2.7, >= 2.7.2)
  email_address (~> 0.1.11)
  envied (~> 0.9.3)
  eu_central_bank (~> 1.4, >= 1.4.2)
  eventmachine
  exifr (~> 1.3, >= 1.3.6)
  factory_bot (~> 5.1, >= 5.1.1)
  faker (~> 1.9, >= 1.9.3)
  faraday (~> 0.15.4)
  fastimage (~> 2.1, >= 2.1.7)
  flexirest (~> 1.8, >= 1.8.6)
  fuubar (~> 2.4, >= 2.4.1)
  gemdiff (~> 3.0)
  gitlab (~> 4.12)
  google_drive (~> 3.0, >= 3.0.3)
  highline (~> 2.0, >= 2.0.2)
  httparty (~> 0.17.0)
  i18n (~> 1.6)
  json (~> 2.2)
  jwt (~> 2.2, >= 2.2.1)
  licensee (~> 9.11)
  listen (~> 3.2)
  mail (~> 2.7, >= 2.7.1)
  money (~> 6.13, >= 6.13.4)
  mongo (~> 2.9)
  mqtt (~> 0.5.0)
  mysql2 (~> 0.5.2)
  necromancer (~> 0.5.0)
  net-scp (~> 2.0)
  net-sftp (~> 2.1, >= 2.1.2)
  net-ssh (~> 5.2)
  net-ssh-gateway (~> 2.0)
  nokogiri (~> 1.10, >= 1.10.3)
  optimist (~> 3.0)
  os (~> 1.0, >= 1.0.1)
  page-object (~> 2.2, >= 2.2.6)
  parallel_tests (~> 2.29, >= 2.29.1)
  pastel (~> 0.7.3)
  pdf-reader (~> 2.2, >= 2.2.1)
  pg (~> 1.1, >= 1.1.4)
  phonelib (~> 0.6.38)
  prawn (~> 2.2, >= 2.2.2)
  pry (~> 0.12.2)
  pry-byebug (~> 3.7)
  rack (~> 2.0)
  rake (~> 12.3, >= 12.3.2)
  rdoc (~> 6.1, >= 6.1.1)
  report_builder (~> 1.8)
  rest-client (~> 2.1)
  roo (~> 2.8, >= 2.8.2)
  rqrcode (~> 1.1, >= 1.1.1)
  rspec (~> 3.8)
  rspec-core (~> 3.8, >= 3.8.2)
  rspec-expectations (~> 3.8, >= 3.8.4)
  rszr (~> 0.5.2)
  rubocop (~> 0.71.0)
  ruby-jmeter (~> 3.1, >= 3.1.08)
  ruby-progressbar (~> 1.10, >= 1.10.1)
  ruby-units (~> 2.3, >= 2.3.1)
  rubycritic (~> 4.1)
  rubyzip (~> 1.3)
  rufus-scheduler (~> 3.6)
  screen-recorder (~> 1.3)
  selenium-webdriver (~> 3.142, >= 3.142.3)
  simplecov (~> 0.16.1)
  site_prism (~> 3.2)
  slop (~> 4.7)
  solargraph (~> 0.35.0)
  spreadsheet (~> 1.2, >= 1.2.4)
  squid (~> 1.4, >= 1.4.1)
  sshkey (~> 2.0)
  strings (~> 0.1.5)
  syntax (~> 1.2, >= 1.2.2)
  terminal-table (~> 1.8)
  thor (~> 0.20.3)
  timezone (~> 1.3, >= 1.3.5)
  tiny_tds (~> 2.1, >= 2.1.2)
  tty-prompt (~> 0.19.0)
  yard-cucumber (~> 4.0)

BUNDLED WITH
   2.0.2
